GIT
  remote: git://github.com/blambeau/grit.git
  revision: 099fed8c32ffe910836abbabc9a6997de55e5783
  specs:
    grit (2.4.1)
      diff-lcs (~> 1.1)
      mime-types (~> 1.15)
      posix-spawn (~> 0.3.6)

GIT
  remote: git://github.com/blambeau/grit.git
  revision: 099fed8c32ffe910836abbabc9a6997de55e5783
  specs:
    grit (2.4.1)
      diff-lcs (~> 1.1)
      mime-types (~> 1.15)
      posix-spawn (~> 0.3.6)

GIT
  remote: git://github.com/blambeau/websync.git
  revision: 12b5c925e0f7d380415b700f2c715bd3e58eb47d
  specs:
    websync (0.0.1)
      grit (~> 2.4.1)

GIT
  remote: git://github.com/blambeau/websync.git
  revision: 12b5c925e0f7d380415b700f2c715bd3e58eb47d
  specs:
    websync (0.0.1)
      grit (~> 2.4.1)

GEM
  remote: http://rubygems.org/
  specs:
    addressable (2.2.6)
    capybara (1.1.2)
      mime-types (>= 1.16)
      nokogiri (>= 1.3.3)
      rack (>= 1.0.0)
      rack-test (>= 0.5.4)
      selenium-webdriver (~> 2.0)
      xpath (~> 0.1.4)
    childprocess (0.2.8)
      ffi (~> 1.0.6)
    daemons (1.1.5)
    diff-lcs (1.1.3)
    epath (0.0.1)
    eventmachine (1.0.0.beta.3)
    eventmachine (1.0.0.beta.3-x86-mingw32)
    ffi (1.0.11)
    http (0.0.2)
    kramdown (0.13.4)
    launchy (2.0.5)
      addressable (~> 2.2.6)
    mime-types (1.17.2)
    multi_json (1.0.4)
    nokogiri (1.5.0)
    nokogiri (1.5.0-x86-mingw32)
    posix-spawn (0.3.6)
    rack (1.5.2)
    rack-protection (1.2.0)
      rack
    rack-test (0.6.1)
      rack (>= 1.0)
    rake (0.9.2.2)
    rubyzip (0.9.5)
    selenium-webdriver (2.16.0)
      childprocess (>= 0.2.5)
      ffi (~> 1.0.9)
      multi_json (~> 1.0.4)
      rubyzip
    sinatra (1.3.1)
      rack (~> 1.3, >= 1.3.4)
      rack-protection (~> 1.1, >= 1.1.2)
      tilt (~> 1.3, >= 1.3.3)
    thin (1.2.11)
      daemons (>= 1.0.9)
      eventmachine (>= 0.12.6)
      rack (>= 1.0.0)
    thin (1.2.11-x86-mingw32)
      daemons (>= 1.0.9)
      eventmachine (>= 0.12.6)
      rack (>= 1.0.0)
    tilt (1.3.3)
    wlang (0.10.2)
    xpath (0.1.4)
      nokogiri (~> 1.3)

PLATFORMS
  ruby
  x86-mingw32

DEPENDENCIES
  capybara (~> 1.1.0)
  epath (~> 0.0.1)
  eventmachine (= 1.0.0.beta.3)
  grit!
  http (~> 0.0.1)
  kramdown (~> 0.13.3)
  launchy (~> 2.0.5)
  rack (= 1.5.2)
  rake (~> 0.9.2)
  sinatra (~> 1.3)
  thin (~> 1.2.11)
  websync!
  wlang (~> 0.10.2)
