GEM
  remote: http://rubygems.org/
  specs:
    addressable (2.8.0)
      public_suffix (>= 2.0.2, < 5.0)
    capybara (1.1.4)
      mime-types (>= 1.16)
      nokogiri (>= 1.3.3)
      rack (>= 1.0.0)
      rack-test (>= 0.5.4)
      selenium-webdriver (~> 2.0)
      xpath (~> 0.1.4)
    childprocess (0.9.0)
      ffi (~> 1.0, >= 1.0.11)
    epath (0.0.1)
    ffi (1.15.4)
    kramdown (2.3.1)
      rexml
    launchy (2.5.0)
      addressable (~> 2.7)
    mime-types (1.25.1)
    nokogiri (1.12.5-x86_64-linux)
      racc (~> 1.4)
    power_assert (2.0.1)
    public_suffix (4.0.6)
    racc (1.6.0)
    rack (1.5.2)
    rack-protection (1.5.5)
      rack
    rack-test (1.1.0)
      rack (>= 1.0, < 3)
    rake (0.9.6)
    rexml (3.2.5)
    rubyzip (1.3.0)
    selenium-webdriver (2.53.4)
      childprocess (~> 0.5)
      rubyzip (~> 1.0)
      websocket (~> 1.0)
    sinatra (1.4.8)
      rack (~> 1.5)
      rack-protection (~> 1.4)
      tilt (>= 1.3, < 3)
    test-unit (3.5.1)
      power_assert
    tilt (2.0.10)
    websocket (1.2.9)
    wlang (0.10.2)
    xpath (0.1.4)
      nokogiri (~> 1.3)

PLATFORMS
  x86_64-linux

DEPENDENCIES
  capybara (~> 1.1.0)
  epath (~> 0.0.1)
  kramdown (~> 2.3.1)
  launchy
  rack (= 1.5.2)
  rake
  sinatra (~> 1.3)
  test-unit
  wlang (~> 0.10.2)

BUNDLED WITH
   2.2.16
